GEM
  remote: https://rubygems.org/
  specs:
    minitest (5.0.7)
    rake (0.9.2.2)

PLATFORMS
  ruby

DEPENDENCIES
  minitest
  rake
